GEM
  remote: https://rubygems.org/
  specs:
    sequel (5.17.0)

PLATFORMS
  ruby

DEPENDENCIES
  sequel

BUNDLED WITH
   2.0.1
